GEM
  remote: https://rubygems.org/
  specs:
    backports (3.3.5)
    coveralls (0.7.0)
      multi_json (~> 1.3)
      rest-client
      simplecov (>= 0.7)
      term-ansicolor
      thor
    daemons (1.1.9)
    docile (1.1.1)
    eventmachine (1.0.3)
    json (1.8.1)
    mime-types (2.0)
    multi_json (1.8.2)
    rack (1.5.2)
    rack-protection (1.5.1)
      rack
    rack-test (0.6.2)
      rack (>= 1.0)
    rest-client (1.6.7)
      mime-types (>= 1.16)
    simplecov (0.8.2)
      docile (~> 1.1.0)
      multi_json
      simplecov-html (~> 0.8.0)
    simplecov-html (0.8.0)
    sinatra (1.4.4)
      rack (~> 1.4)
      rack-protection (~> 1.4)
      tilt (~> 1.3, >= 1.3.4)
    sinatra-contrib (1.4.2)
      backports (>= 2.0)
      multi_json
      rack-protection
      rack-test
      sinatra (~> 1.4.0)
      tilt (~> 1.3)
    sinatra-partial (0.4.0)
      sinatra
    term-ansicolor (1.2.2)
      tins (~> 0.8)
    thin (1.6.1)
      daemons (>= 1.0.9)
      eventmachine (>= 1.0.0)
      rack (>= 1.0.0)
    thor (0.18.1)
    tilt (1.4.1)
    tins (0.13.1)

PLATFORMS
  ruby

DEPENDENCIES
  coveralls (~> 0.7.0)
  json (~> 1.8.1)
  rack-test (~> 0.6.2)
  simplecov (~> 0.8.2)
  sinatra (~> 1.4.4)
  sinatra-contrib (~> 1.4.2)
  sinatra-partial (~> 0.4.0)
  thin (~> 1.6.1)
